GIT
  remote: git://github.com/Hacquebord-Buckles/rack-legacy.git
  revision: 2496d80df747ed3b8fa9f9ada89f3f28e4abd18e
  specs:
    rack-legacy (0.3.5)
      rack

GEM
  remote: https://rubygems.org/
  specs:
    rack (1.5.2)
    rack-rewrite (1.3.3)

PLATFORMS
  ruby

DEPENDENCIES
  rack (~> 1.5.2)
  rack-legacy!
  rack-rewrite (~> 1.3.3)
